GIT
  remote: https://github.com/pooza/ginseng-core.git
  revision: 2bc6b29e4e7411f4dc869e296c3d6c9f7418c947
  specs:
    ginseng-core (1.15.0)
      activesupport (>= 7.0.7.1)
      addressable (>= 2.8.0)
      bundler (~> 2.0)
      cgi (>= 0.4.2)
      csv
      daemon-spawn
      date (>= 3.2.1)
      erb
      etc
      facets
      fileutils (~> 1.7.0)
      find
      httparty (>= 0.21.0)
      json-schema
      mail
      multi_json
      net-protocol
      net-smtp
      nokogiri (>= 1.18.4)
      optparse
      rake
      rest-client
      sanitize (>= 6.0.2)
      securerandom
      set
      syslog
      time (>= 0.2.2)
      yajl-ruby (>= 1.4.3)
      zeitwerk (>= 2.4.0)
      zlib

GEM
  remote: https://rubygems.org/
  specs:
    activesupport (8.0.2)
      base64
      benchmark (>= 0.3)
      bigdecimal
      concurrent-ruby (~> 1.0, >= 1.3.1)
      connection_pool (>= 2.2.5)
      drb
      i18n (>= 1.6, < 2)
      logger (>= 1.4.2)
      minitest (>= 5.1)
      securerandom (>= 0.3)
      tzinfo (~> 2.0, >= 2.0.5)
      uri (>= 0.13.1)
    addressable (2.8.7)
      public_suffix (>= 2.0.2, < 7.0)
    ast (2.4.3)
    base64 (0.2.0)
    benchmark (0.4.0)
    bigdecimal (3.1.9)
    cgi (0.4.2)
    concurrent-ruby (1.3.5)
    connection_pool (2.5.1)
    crass (1.0.6)
    csv (3.3.4)
    daemon-spawn (0.4.2)
    date (3.4.1)
    domain_name (0.6.20240107)
    drb (2.2.1)
    erb (4.0.4)
      cgi (>= 0.3.3)
    etc (1.4.5)
    facets (3.1.0)
    fileutils (1.7.3)
    find (0.2.0)
    http-accept (1.7.0)
    http-cookie (1.0.8)
      domain_name (~> 0.5)
    httparty (0.23.1)
      csv
      mini_mime (>= 1.0.0)
      multi_xml (>= 0.5.2)
    i18n (1.14.7)
      concurrent-ruby (~> 1.0)
    json (2.10.2)
    json-schema (5.1.1)
      addressable (~> 2.8)
      bigdecimal (~> 3.1)
    language_server-protocol (3.17.0.4)
    lint_roller (1.1.0)
    logger (1.7.0)
    mail (2.8.1)
      mini_mime (>= 0.1.1)
      net-imap
      net-pop
      net-smtp
    mime-types (3.6.2)
      logger
      mime-types-data (~> 3.2015)
    mime-types-data (3.2025.0415)
    mini_mime (1.1.5)
    mini_portile2 (2.8.8)
    minitest (5.25.5)
    multi_json (1.15.0)
    multi_xml (0.7.1)
      bigdecimal (~> 3.1)
    net-imap (0.5.6)
      date
      net-protocol
    net-pop (0.1.2)
      net-protocol
    net-protocol (0.2.2)
      timeout
    net-smtp (0.5.1)
      net-protocol
    netrc (0.11.0)
    nokogiri (1.18.7)
      mini_portile2 (~> 2.8.2)
      racc (~> 1.4)
    nokogiri (1.18.7-x86_64-linux-gnu)
      racc (~> 1.4)
    optparse (0.6.0)
    parallel (1.27.0)
    parser (3.3.8.0)
      ast (~> 2.4.1)
      racc
    power_assert (2.0.5)
    prism (1.4.0)
    public_suffix (6.0.1)
    racc (1.8.1)
    rainbow (3.1.1)
    rake (13.2.1)
    regexp_parser (2.10.0)
    rest-client (2.1.0)
      http-accept (>= 1.7.0, < 2.0)
      http-cookie (>= 1.0.2, < 2.0)
      mime-types (>= 1.16, < 4.0)
      netrc (~> 0.8)
    ricecream (0.2.1)
    rubocop (1.75.2)
      json (~> 2.3)
      language_server-protocol (~> 3.17.0.2)
      lint_roller (~> 1.1.0)
      parallel (~> 1.10)
      parser (>= 3.3.0.2)
      rainbow (>= 2.2.2, < 4.0)
      regexp_parser (>= 2.9.3, < 3.0)
      rubocop-ast (>= 1.44.0, < 2.0)
      ruby-progressbar (~> 1.7)
      unicode-display_width (>= 2.4.0, < 4.0)
    rubocop-ast (1.44.1)
      parser (>= 3.3.7.2)
      prism (~> 1.4)
    rubocop-performance (1.25.0)
      lint_roller (~> 1.1)
      rubocop (>= 1.75.0, < 2.0)
      rubocop-ast (>= 1.38.0, < 2.0)
    rubocop-rake (0.7.1)
      lint_roller (~> 1.1)
      rubocop (>= 1.72.1)
    ruby-progressbar (1.13.0)
    sanitize (7.0.0)
      crass (~> 1.0.2)
      nokogiri (>= 1.16.8)
    securerandom (0.4.1)
    set (1.1.1)
    singleton (0.3.0)
    syslog (0.3.0)
      logger
    test-unit (3.6.8)
      power_assert
    time (0.4.1)
      date
    timeout (0.4.3)
    tzinfo (2.0.6)
      concurrent-ruby (~> 1.0)
    unicode-display_width (3.1.4)
      unicode-emoji (~> 4.0, >= 4.0.4)
    unicode-emoji (4.0.4)
    uri (1.0.3)
    yajl-ruby (1.4.3)
    zeitwerk (2.7.2)
    zlib (3.2.1)

PLATFORMS
  amd64-freebsd-13
  ruby
  x86_64-linux

DEPENDENCIES
  ginseng-core!
  ricecream
  rubocop
  rubocop-performance
  rubocop-rake
  singleton
  test-unit

RUBY VERSION
   ruby 3.2.8p263

BUNDLED WITH
   2.6.8
